PATH
  remote: .
  specs:
    mina-systemd-puma (0.1.0)
      mina (>= 1.0)

GEM
  remote: https://rubygems.org/
  specs:
    ast (2.4.2)
    mina (1.2.3)
      open4 (~> 1.3.4)
      rake
    minitest (5.14.4)
    open4 (1.3.4)
    parallel (1.20.1)
    parser (3.0.1.0)
      ast (~> 2.4.1)
    rainbow (3.0.0)
    rake (13.0.3)
    regexp_parser (2.1.1)
    rexml (3.2.5)
    rubocop (0.93.1)
      parallel (~> 1.10)
      parser (>= 2.7.1.5)
      rainbow (>= 2.2.2, < 4.0)
      regexp_parser (>= 1.8)
      rexml
      rubocop-ast (>= 0.6.0)
      ruby-progressbar (~> 1.7)
      unicode-display_width (>= 1.4.0, < 2.0)
    rubocop-ast (1.4.1)
      parser (>= 2.7.1.5)
    ruby-progressbar (1.11.0)
    unicode-display_width (1.7.0)

PLATFORMS
  x86_64-linux

DEPENDENCIES
  mina-systemd-puma!
  minitest (~> 5.0)
  rake (~> 13.0)
  rubocop (~> 0.80)

BUNDLED WITH
   2.2.3
